GEM
  remote: https://rubygems.org/
  specs:
    activesupport (3.2.22.5)
      i18n (~> 0.6, >= 0.6.4)
      multi_json (~> 1.0)
    backports (3.17.1)
    concurrent-ruby (1.1.6)
    daemons (1.3.1)
    eventmachine (1.2.7)
    i18n (0.9.5)
      concurrent-ruby (~> 1.0)
    icalendar (2.6.1)
      ice_cube (~> 0.16)
    icalendar-recurrence (1.1.3)
      icalendar (~> 2.0)
      ice_cube (~> 0.16)
    ice_cube (0.16.3)
    multi_json (1.14.1)
    mustermann (1.1.1)
      ruby2_keywords (~> 0.0.1)
    rack (2.2.2)
    rack-protection (2.0.8.1)
      rack
    ruby2_keywords (0.0.2)
    sinatra (2.0.8.1)
      mustermann (~> 1.0)
      rack (~> 2.0)
      rack-protection (= 2.0.8.1)
      tilt (~> 2.0)
    sinatra-contrib (2.0.8.1)
      backports (>= 2.8.2)
      multi_json
      mustermann (~> 1.0)
      rack-protection (= 2.0.8.1)
      sinatra (= 2.0.8.1)
      tilt (~> 2.0)
    sinatra-cross_origin (0.4.0)
    thin (1.7.2)
      daemons (~> 1.0, >= 1.0.9)
      eventmachine (~> 1.0, >= 1.0.4)
      rack (>= 1, < 3)
    tilt (2.0.10)
    tzinfo (2.0.2)
      concurrent-ruby (~> 1.0)
    tzinfo-data (1.2020.1)
      tzinfo (>= 1.0.0)

PLATFORMS
  ruby

DEPENDENCIES
  activesupport (~> 3.2)
  icalendar (~> 2)
  icalendar-recurrence (~> 1)
  sinatra (~> 2)
  sinatra-contrib (~> 2)
  sinatra-cross_origin (~> 0.4)
  thin (~> 1)
  tzinfo (~> 2)
  tzinfo-data (>= 1.2020)

BUNDLED WITH
   2.1.4
